PATH
  remote: .
  specs:
    password (0.1.0)
      clipboard
      passgen
      zeitwerk

GEM
  remote: https://rubygems.org/
  specs:
    byebug (11.1.3)
    clipboard (1.3.4)
    coderay (1.1.2)
    diff-lcs (1.4.4)
    method_source (1.0.0)
    passgen (1.2.0)
    pry (0.13.1)
      coderay (~> 1.1)
      method_source (~> 1.0)
    pry-byebug (3.9.0)
      byebug (~> 11.0)
      pry (~> 0.13.0)
    rake (12.3.3)
    rspec (3.10.0)
      rspec-core (~> 3.10.0)
      rspec-expectations (~> 3.10.0)
      rspec-mocks (~> 3.10.0)
    rspec-core (3.10.0)
      rspec-support (~> 3.10.0)
    rspec-expectations (3.10.0)
      diff-lcs (>= 1.2.0, < 2.0)
      rspec-support (~> 3.10.0)
    rspec-mocks (3.10.0)
      diff-lcs (>= 1.2.0, < 2.0)
      rspec-support (~> 3.10.0)
    rspec-support (3.10.0)
    zeitwerk (2.4.0)

PLATFORMS
  ruby

DEPENDENCIES
  password!
  pry-byebug
  rake (~> 12.0)
  rspec (~> 3.10)

BUNDLED WITH
   2.1.4
